GEM
  remote: http://rubygems.org/
  specs:
    active_support (3.0.0)
      activesupport (= 3.0.0)
    activesupport (3.0.0)
    builder (3.0.0)
    execjs (1.2.9)
      multi_json (~> 1.0)
    htmlentities (4.3.0)
    json (1.6.1)
    libv8 (3.3.10.2)
    multi_json (1.0.3)
    mysql2 (0.3.7)
    rack (1.3.5)
    rack-protection (1.1.4)
      rack
    redis (2.2.2)
    sinatra (1.3.1)
      rack (>= 1.3.4, ~> 1.3)
      rack-protection (>= 1.1.2, ~> 1.1)
      tilt (>= 1.3.3, ~> 1.3)
    therubyracer (0.9.8)
      libv8 (~> 3.3.10)
    tilt (1.3.3)

PLATFORMS
  ruby

DEPENDENCIES
  active_support
  builder
  execjs
  htmlentities
  json
  mysql2
  redis
  sinatra
  therubyracer
